GEM
  remote: https://rubygems.org/
  specs:
    CFPropertyList (2.2.8)
    activemodel (4.2.10)
      activesupport (= 4.2.10)
      builder (~> 3.1)
    activesupport (4.2.10)
      i18n (~> 0.7)
      minitest (~> 5.1)
      thread_safe (~> 0.3, >= 0.3.4)
      tzinfo (~> 1.1)
    builder (3.2.3)
    concurrent-ruby (1.0.5)
    diff-lcs (1.2.5)
    facter (2.3.0)
      CFPropertyList (~> 2.2.6)
    faraday (0.13.1)
      multipart-post (>= 1.2, < 3)
    her (0.10.0)
      activemodel (>= 3.0.0, <= 6.0.0)
      activesupport (>= 3.0.0, <= 6.0.0)
      faraday (>= 0.8, < 1.0)
      multi_json (~> 1.7)
    hiera (1.3.4)
      json_pure
    highline (1.6.21)
    i18n (0.9.1)
      concurrent-ruby (~> 1.0)
    json (1.8.6)
    json_pure (1.8.1)
    librarian (0.1.2)
      highline
      thor (~> 0.15)
    librarian-puppet (2.0.1)
      librarian (>= 0.1.2)
      puppet_forge
      rsync
    metaclass (0.0.4)
    metadata-json-lint (0.0.4)
      json
      spdx-licenses (~> 1.0)
    minitest (5.10.3)
    mocha (1.1.0)
      metaclass (~> 0.0.1)
    multi_json (1.12.2)
    multipart-post (2.0.0)
    puppet (3.7.3)
      facter (> 1.6, < 3)
      hiera (~> 1.0)
      json_pure
    puppet-lint (1.1.0)
    puppet-syntax (1.4.0)
      rake
    puppet_forge (1.0.4)
      her (~> 0.6)
    puppetlabs_spec_helper (0.8.2)
      mocha
      puppet-lint
      puppet-syntax
      rake
      rspec
      rspec-puppet
    rake (10.4.2)
    rspec (3.3.0)
      rspec-core (~> 3.3.0)
      rspec-expectations (~> 3.3.0)
      rspec-mocks (~> 3.3.0)
    rspec-core (3.3.1)
      rspec-support (~> 3.3.0)
    rspec-expectations (3.3.0)
      diff-lcs (>= 1.2.0, < 2.0)
      rspec-support (~> 3.3.0)
    rspec-mocks (3.3.1)
      diff-lcs (>= 1.2.0, < 2.0)
      rspec-support (~> 3.3.0)
    rspec-puppet (2.5.0)
      rspec
    rspec-support (3.3.0)
    rsync (1.0.9)
    spdx-licenses (1.0.0)
      json
    thor (0.19.1)
    thread_safe (0.3.6)
    tzinfo (1.2.4)
      thread_safe (~> 0.1)

PLATFORMS
  ruby

DEPENDENCIES
  librarian-puppet
  metadata-json-lint
  puppet (~> 3.7.0)
  puppet-lint
  puppet-syntax
  puppetlabs_spec_helper
  rake
  rspec-puppet (= 2.5.0)

BUNDLED WITH
   1.14.6
